PATH
  remote: .
  specs:
    time_ago_in_words (0.1.0)

GEM
  remote: https://rubygems.org/
  specs:
    coderay (1.1.0)
    coveralls (0.7.0)
      multi_json (~> 1.3)
      rest-client
      simplecov (>= 0.7)
      term-ansicolor
      thor
    diff-lcs (1.2.5)
    docile (1.1.1)
    ffi (1.9.3-java)
    method_source (0.8.2)
    mime-types (2.0)
    multi_json (1.8.2)
    pry (0.9.12.4)
      coderay (~> 1.0)
      method_source (~> 0.8)
      slop (~> 3.4)
    pry (0.9.12.4-java)
      coderay (~> 1.0)
      method_source (~> 0.8)
      slop (~> 3.4)
      spoon (~> 0.0)
    pry-doc (0.4.6)
      pry (>= 0.9)
      yard (>= 0.8)
    rake (10.1.0)
    rest-client (1.6.7)
      mime-types (>= 1.16)
    rspec (2.14.1)
      rspec-core (~> 2.14.0)
      rspec-expectations (~> 2.14.0)
      rspec-mocks (~> 2.14.0)
    rspec-core (2.14.7)
    rspec-expectations (2.14.4)
      diff-lcs (>= 1.1.3, < 2.0)
    rspec-mocks (2.14.4)
    simplecov (0.8.2)
      docile (~> 1.1.0)
      multi_json
      simplecov-html (~> 0.8.0)
    simplecov-html (0.8.0)
    slop (3.4.7)
    spoon (0.0.4)
      ffi
    term-ansicolor (1.2.2)
      tins (~> 0.8)
    thor (0.18.1)
    tins (0.13.1)
    yard (0.8.7.3)

PLATFORMS
  java
  ruby

DEPENDENCIES
  bundler (>= 1.3.5)
  coveralls (>= 0.7.0)
  pry
  pry-doc
  rake
  rspec (~> 2.14, >= 2.14.1)
  simplecov (>= 0.8.2)
  time_ago_in_words!
